PATH
  remote: .
  specs:
    deardetector (0.1)
      faraday
      faraday_middleware
      hashie
      multi_xml

GEM
  remote: http://rubygems.org/
  specs:
    faraday (0.8.1)
      multipart-post (~> 1.1)
    faraday_middleware (0.8.7)
      faraday (>= 0.7.4, < 0.9)
    hashie (1.2.0)
    multi_xml (0.5.1)
    multipart-post (1.1.5)

PLATFORMS
  ruby

DEPENDENCIES
  deardetector!
